GEM
  remote: https://rubygems.org/
  specs:
    actionmailer (3.2.22)
      actionpack (= 3.2.22)
      mail (~> 2.5.4)
    actionpack (3.2.22)
      activemodel (= 3.2.22)
      activesupport (= 3.2.22)
      builder (~> 3.0.0)
      erubis (~> 2.7.0)
      journey (~> 1.0.4)
      rack (~> 1.4.5)
      rack-cache (~> 1.2)
      rack-test (~> 0.6.1)
      sprockets (~> 2.2.1)
    activemodel (3.2.22)
      activesupport (= 3.2.22)
      builder (~> 3.0.0)
    activerecord (3.2.22)
      activemodel (= 3.2.22)
      activesupport (= 3.2.22)
      arel (~> 3.0.2)
      tzinfo (~> 0.3.29)
    activerecord-import (0.7.0)
      activerecord (>= 3.0)
    activeresource (3.2.22)
      activemodel (= 3.2.22)
      activesupport (= 3.2.22)
    activesupport (3.2.22)
      i18n (~> 0.6, >= 0.6.4)
      multi_json (~> 1.0)
    addressable (2.3.6)
    annotate (2.6.5)
      activerecord (>= 2.3.0)
      rake (>= 0.8.7)
    arel (3.0.3)
    authlogic (3.4.2)
      activerecord (>= 3.2)
      activesupport (>= 3.2)
      request_store (~> 1.0)
    bcrypt-ruby (3.0.0)
    better_errors (2.0.0)
      coderay (>= 1.0.0)
      erubis (>= 2.6.6)
      rack (>= 0.9.0)
    binding_of_caller (0.7.2)
      debug_inspector (>= 0.0.1)
    bootstrap-sass (3.1.1.1)
      sass (~> 3.2)
    builder (3.0.4)
    byebug (3.5.1)
      columnize (~> 0.8)
      debugger-linecache (~> 1.2)
      slop (~> 3.6)
    capistrano (3.2.1)
      i18n
      rake (>= 10.0.0)
      sshkit (~> 1.3)
    capybara (2.4.3)
      mime-types (>= 1.16)
      nokogiri (>= 1.3.3)
      rack (>= 1.0.0)
      rack-test (>= 0.5.4)
      xpath (~> 2.0)
    celluloid (0.16.0)
      timers (~> 4.0.0)
    childprocess (0.5.5)
      ffi (~> 1.0, >= 1.0.11)
    chronic (0.10.2)
    climate_control (0.0.3)
      activesupport (>= 3.0)
    cocaine (0.5.4)
      climate_control (>= 0.0.3, < 1.0)
    codeclimate-test-reporter (0.4.7)
      simplecov (>= 0.7.1, < 1.0.0)
    coderay (1.1.0)
    coffee-rails (3.2.2)
      coffee-script (>= 2.2.0)
      railties (~> 3.2.0)
    coffee-script (2.3.0)
      coffee-script-source
      execjs
    coffee-script-source (1.8.0)
    colorize (0.7.3)
    columnize (0.8.9)
    concurrent-ruby (1.1.5)
    daemons (1.1.9)
    database_cleaner (1.3.0)
    debug_inspector (0.0.2)
    debugger-linecache (1.2.0)
    delayed_job (4.0.4)
      activesupport (>= 3.0, < 4.2)
    delayed_job_active_record (4.0.2)
      activerecord (>= 3.0, < 4.2)
      delayed_job (>= 3.0, < 4.1)
    delayed_job_web (1.2.9)
      activerecord (> 3.0.0)
      delayed_job (> 2.0.3)
      sinatra (>= 1.4.4)
    diff-lcs (1.2.5)
    docile (1.1.5)
    dynamic_form (1.1.4)
    erubis (2.7.0)
    eventmachine (1.2.7)
    execjs (2.2.1)
    factory_girl (4.4.0)
      activesupport (>= 3.0.0)
    factory_girl_rails (4.4.1)
      factory_girl (~> 4.4.0)
      railties (>= 3.0.0)
    faker (1.4.3)
      i18n (~> 0.5)
    ffi (1.9.6)
    ffi-compiler (1.0.1)
      ffi (>= 1.0.0)
      rake
    font-awesome-rails (4.2.0.0)
      railties (>= 3.2, < 5.0)
    formatador (0.2.5)
    fuubar (2.0.0)
      rspec (~> 3.0)
      ruby-progressbar (~> 1.4)
    guard (2.6.1)
      formatador (>= 0.2.4)
      listen (~> 2.7)
      lumberjack (~> 1.0)
      pry (>= 0.9.12)
      thor (>= 0.18.1)
    guard-rspec (4.3.1)
      guard (~> 2.1)
      rspec (>= 2.14, < 4.0)
    hike (1.2.3)
    hitimes (1.2.2)
    htmlentities (4.3.2)
    i18n (0.9.5)
      concurrent-ruby (~> 1.0)
    icalendar (2.2.0)
    jcrop-rails-v2 (0.9.12.3)
    journey (1.0.4)
    jquery-rails (3.1.2)
      railties (>= 3.0, < 5.0)
      thor (>= 0.14, < 2.0)
    jquery-tablesorter (1.12.8)
      railties (>= 3.1, < 5)
    jquery-ui-rails (5.0.1)
      railties (>= 3.2.16)
    json (2.2.0)
    launchy (2.4.2)
      addressable (~> 2.3)
    letter_opener (1.2.0)
      launchy (~> 2.2)
    listen (2.7.11)
      celluloid (>= 0.15.2)
      rb-fsevent (>= 0.9.3)
      rb-inotify (>= 0.9)
    lumberjack (1.0.9)
    mail (2.5.5)
      mime-types (~> 1.16)
      treetop (~> 1.4.8)
    memoist (0.11.0)
    method_source (0.8.2)
    mime-types (1.25.1)
    mini_portile (0.6.0)
    minitest (5.11.3)
    multi_json (1.13.1)
    mysql2 (0.3.21)
    net-scp (1.2.1)
      net-ssh (>= 2.6.5)
    net-ssh (2.9.1)
    nokogiri (1.6.3.1)
      mini_portile (= 0.6.0)
    paper_trail (3.0.6)
      activerecord (>= 3.0, < 5.0)
      activesupport (>= 3.0, < 5.0)
    paperclip (4.2.0)
      activemodel (>= 3.0.0)
      activesupport (>= 3.0.0)
      cocaine (~> 0.5.3)
      mime-types
    polyglot (0.3.5)
    power_assert (1.1.4)
    pry (0.10.1)
      coderay (~> 1.1.0)
      method_source (~> 0.8.1)
      slop (~> 3.4)
    pry-byebug (2.0.0)
      byebug (~> 3.4)
      pry (~> 0.10)
    pry-rails (0.3.2)
      pry (>= 0.9.10)
    rack (1.4.7)
    rack-cache (1.9.0)
      rack (>= 0.4)
    rack-protection (1.5.3)
      rack
    rack-ssl (1.3.4)
      rack
    rack-test (0.6.3)
      rack (>= 1.0)
    rails (3.2.22)
      actionmailer (= 3.2.22)
      actionpack (= 3.2.22)
      activerecord (= 3.2.22)
      activeresource (= 3.2.22)
      activesupport (= 3.2.22)
      bundler (~> 1.0)
      railties (= 3.2.22)
    railties (3.2.22)
      actionpack (= 3.2.22)
      activesupport (= 3.2.22)
      rack-ssl (~> 1.3.2)
      rake (>= 0.8.7)
      rdoc (~> 3.4)
      thor (>= 0.14.6, < 2.0)
    rake (12.3.2)
    rb-fsevent (0.9.4)
    rb-inotify (0.9.5)
      ffi (>= 0.5.0)
    rdoc (3.9.5)
    request_store (1.1.0)
    rspec (3.0.0)
      rspec-core (~> 3.0.0)
      rspec-expectations (~> 3.0.0)
      rspec-mocks (~> 3.0.0)
    rspec-core (3.0.4)
      rspec-support (~> 3.0.0)
    rspec-expectations (3.0.4)
      diff-lcs (>= 1.2.0, < 2.0)
      rspec-support (~> 3.0.0)
    rspec-mocks (3.0.4)
      rspec-support (~> 3.0.0)
    rspec-rails (3.0.2)
      actionpack (>= 3.0)
      activesupport (>= 3.0)
      railties (>= 3.0)
      rspec-core (~> 3.0.0)
      rspec-expectations (~> 3.0.0)
      rspec-mocks (~> 3.0.0)
      rspec-support (~> 3.0.0)
    rspec-support (3.0.4)
    ruby-net-ldap (0.0.4)
    ruby-progressbar (1.7.1)
    rubycas-client (2.2.1)
      activesupport
    rubycas-client-rails (0.1.0)
      rails (>= 3.0.0)
      rubycas-client (>= 2.2.0)
    rubyzip (1.1.7)
    sass (3.4.7)
    sass-rails (3.2.6)
      railties (~> 3.2.0)
      sass (>= 3.1.10)
      tilt (~> 1.3)
    scrypt (3.0.6)
      ffi-compiler (>= 1.0, < 2.0)
    selenium-webdriver (2.45.0)
      childprocess (~> 0.5)
      multi_json (~> 1.0)
      rubyzip (~> 1.0)
      websocket (~> 1.0)
    simple_form (2.1.1)
      actionpack (~> 3.0)
      activemodel (~> 3.0)
    simplecov (0.9.2)
      docile (~> 1.1.0)
      multi_json (~> 1.0)
      simplecov-html (~> 0.9.0)
    simplecov-html (0.9.0)
    sinatra (1.4.5)
      rack (~> 1.4)
      rack-protection (~> 1.4)
      tilt (~> 1.3, >= 1.3.4)
    slop (3.6.0)
    sprockets (2.2.3)
      hike (~> 1.2)
      multi_json (~> 1.0)
      rack (~> 1.0)
      tilt (~> 1.1, != 1.3.0)
    sprockets-rails (0.0.1)
      sprockets (>= 1.0.2)
    sshkit (1.5.1)
      colorize
      net-scp (>= 1.1.2)
      net-ssh (>= 2.8.0)
    test-unit (3.3.3)
      power_assert
    thin (1.7.2)
      daemons (~> 1.0, >= 1.0.9)
      eventmachine (~> 1.0, >= 1.0.4)
      rack (>= 1, < 3)
    thor (0.20.3)
    tilt (1.4.1)
    timecop (0.7.1)
    timers (4.0.1)
      hitimes
    treetop (1.4.15)
      polyglot
      polyglot (>= 0.3.1)
    tzinfo (0.3.55)
    uglifier (2.5.3)
      execjs (>= 0.3.0)
      json (>= 1.8.0)
    websocket (1.2.1)
    whenever (0.9.3)
      chronic (>= 0.6.3)
    xpath (2.0.0)
      nokogiri (~> 1.3)

PLATFORMS
  ruby

DEPENDENCIES
  activerecord-import
  annotate
  authlogic
  bcrypt-ruby (= 3.0.0)
  better_errors
  binding_of_caller
  bootstrap-sass (~> 3.1.1)
  capistrano
  capybara
  codeclimate-test-reporter
  coffee-rails (~> 3.2.1)
  daemons (~> 1.1.9)
  database_cleaner
  delayed_job_active_record (~> 4.0.2)
  delayed_job_web (~> 1.2.9)
  dynamic_form
  factory_girl_rails
  faker
  font-awesome-rails
  fuubar
  guard-rspec
  htmlentities
  icalendar
  jcrop-rails-v2 (~> 0.9.12)
  jquery-rails
  jquery-tablesorter
  jquery-ui-rails
  letter_opener
  mail
  memoist
  minitest
  mysql2 (< 0.4)
  paper_trail (~> 3.0.5)
  paperclip
  pry-byebug
  pry-rails
  rails (= 3.2.22)
  rspec
  rspec-rails (~> 3.0.0)
  ruby-net-ldap
  ruby-progressbar
  rubycas-client (= 2.2.1)
  rubycas-client-rails
  sass-rails
  scrypt (= 3.0.6)
  selenium-webdriver
  simple_form
  sprockets
  sprockets-rails
  test-unit
  thin
  timecop
  uglifier (>= 1.0.3)
  whenever

RUBY VERSION
   ruby 2.3.1p112

BUNDLED WITH
   1.17.3
